GEM
  remote: https://rubygems.org/
  specs:
    bigdecimal (3.2.2)
    coderay (1.1.3)
    diff-lcs (1.6.2)
    method_source (1.1.0)
    pry (0.14.2)
      coderay (~> 1.1)
      method_source (~> 1.0)
    rspec (3.13.1)
      rspec-core (~> 3.13.0)
      rspec-expectations (~> 3.13.0)
      rspec-mocks (~> 3.13.0)
    rspec-core (3.13.5)
      rspec-support (~> 3.13.0)
    rspec-expectations (3.13.5)
      diff-lcs (>= 1.2.0, < 2.0)
      rspec-support (~> 3.13.0)
    rspec-mocks (3.13.5)
      diff-lcs (>= 1.2.0, < 2.0)
      rspec-support (~> 3.13.0)
    rspec-support (3.13.5)

PLATFORMS
  ruby
  x86_64-linux

DEPENDENCIES
  bigdecimal (~> 3.1, >= 3.1.8)
  pry (~> 0.14.2)
  rspec (~> 3.13, >= 3.13.1)

RUBY VERSION
   ruby 3.4.2p28

BUNDLED WITH
   2.6.2
